GEM
  remote: https://rubygems.org/
  specs:
    descriptive-statistics (2.1.2)
    ffi (1.9.6)
    sys-filesystem (1.1.3)
      ffi

PLATFORMS
  ruby

DEPENDENCIES
  descriptive-statistics
  sys-filesystem
